GEM
  remote: https://rubygems.org/
  specs:
    archive-tar-minitar (0.5.2)
    childprocess (0.3.8)
      ffi (~> 1.0, >= 1.0.11)
    diff-lcs (1.1.3)
    erubis (2.7.0)
    facter (1.6.17)
    ffi (1.4.0)
    hiera (1.1.2)
      json_pure
    i18n (0.6.1)
    json (1.5.5)
    json_pure (1.7.7)
    librarian-puppet (0.9.8)
      json
      thor (~> 0.15)
    log4r (1.1.10)
    net-scp (1.0.4)
      net-ssh (>= 1.99.1)
    net-ssh (2.2.2)
    opskeleton (0.0.5)
      thor
    puppet (3.1.0)
      facter (~> 1.6)
      hiera (~> 1.0)
    puppet-lint (0.3.2)
    rake (10.0.3)
    rspec (2.12.0)
      rspec-core (~> 2.12.0)
      rspec-expectations (~> 2.12.0)
      rspec-mocks (~> 2.12.0)
    rspec-core (2.12.2)
    rspec-expectations (2.12.1)
      diff-lcs (~> 1.1.3)
    rspec-mocks (2.12.2)
    rspec-puppet (0.1.6)
      rspec
    thor (0.17.0)
    vagrant (1.0.6)
      archive-tar-minitar (= 0.5.2)
      childprocess (~> 0.3.1)
      erubis (~> 2.7.0)
      i18n (~> 0.6.0)
      json (~> 1.5.1)
      log4r (~> 1.1.9)
      net-scp (~> 1.0.4)
      net-ssh (~> 2.2.2)

PLATFORMS
  ruby

DEPENDENCIES
  librarian-puppet
  opskeleton
  puppet
  puppet-lint
  rake
  rspec-puppet
  vagrant (>= 1.0.5)
